GEM
  remote: https://rubygems.org/
  specs:
    base64 (0.3.0)
    diff-lcs (1.6.2)
    multi_json (1.15.0)
    net-scp (4.1.0)
      net-ssh (>= 2.6.5, < 8.0.0)
    net-ssh (7.3.0)
    net-telnet (0.2.0)
    rake (13.3.0)
    rspec (3.13.1)
      rspec-core (~> 3.13.0)
      rspec-expectations (~> 3.13.0)
      rspec-mocks (~> 3.13.0)
    rspec-core (3.13.4)
      rspec-support (~> 3.13.0)
    rspec-expectations (3.13.5)
      diff-lcs (>= 1.2.0, < 2.0)
      rspec-support (~> 3.13.0)
    rspec-its (2.0.0)
      rspec-core (>= 3.13.0)
      rspec-expectations (>= 3.13.0)
    rspec-mocks (3.13.5)
      diff-lcs (>= 1.2.0, < 2.0)
      rspec-support (~> 3.13.0)
    rspec-support (3.13.4)
    serverspec (2.43.0)
      multi_json
      rspec (~> 3.0)
      rspec-its
      specinfra (~> 2.72)
    sfl (2.3)
    specinfra (2.94.0)
      base64
      net-scp
      net-ssh (>= 2.7)
      net-telnet
      sfl

PLATFORMS
  x86_64-linux

DEPENDENCIES
  rake
  serverspec

BUNDLED WITH
   2.2.33
